GEM
  remote: https://rubygems.org/
  specs:
    calyx (0.20.0)
    diff-lcs (1.5.0)
    progressbar (1.11.0)
    redcarpet (3.5.1)
    rspec (3.12.0)
      rspec-core (~> 3.12.0)
      rspec-expectations (~> 3.12.0)
      rspec-mocks (~> 3.12.0)
    rspec-core (3.12.2)
      rspec-support (~> 3.12.0)
    rspec-expectations (3.12.3)
      diff-lcs (>= 1.2.0, < 2.0)
      rspec-support (~> 3.12.0)
    rspec-mocks (3.12.6)
      diff-lcs (>= 1.2.0, < 2.0)
      rspec-support (~> 3.12.0)
    rspec-support (3.12.1)
    ruby-lzma (0.4.3)

PLATFORMS
  ruby

DEPENDENCIES
  calyx (~> 0.20.0)
  progressbar
  redcarpet
  rspec
  ruby-lzma

BUNDLED WITH
   2.1.4
